PATH
  remote: .
  specs:
    dister (0.1.0)
      thor (~> 0.14.0)

GEM
  remote: http://rubygems.org/
  specs:
    shoulda (2.11.3)
    thor (0.14.6)

PLATFORMS
  ruby

DEPENDENCIES
  bundler (~> 1.0.0)
  dister!
  shoulda
  thor (~> 0.14.0)
