PATH
  remote: .
  specs:
    dister (0.1.0)
      curb
      progressbar
      studio_api
      thor (~> 0.14.0)

GEM
  remote: http://rubygems.org/
  specs:
    activeresource (2.3.8)
      activesupport (= 2.3.8)
    activesupport (2.3.8)
    curb (0.6.2.1)
    fakefs (0.2.1)
    mocha (0.9.4)
      rake
    progressbar (0.9.0)
    rake (0.8.7)
    shoulda (2.11.3)
    studio_api (2.3.0)
      activeresource (>= 1.3.8)
      xml-simple (>= 1.0.0)
    thor (0.14.6)
    xml-simple (1.0.12)

PLATFORMS
  ruby

DEPENDENCIES
  bundler (~> 1.0.0)
  curb
  dister!
  fakefs
  mocha
  progressbar
  shoulda
  studio_api
  thor (~> 0.14.0)
